GEM
  remote: https://rubygems.org/
  specs:
    curses (1.0.1)
    serialport (1.3.1)

PLATFORMS
  ruby

DEPENDENCIES
  curses
  serialport

BUNDLED WITH
   1.10.5
